GEM
  remote: https://rubygems.org/
  specs:
    addressable (2.4.0)
    api-ai-ruby (1.0.0)
      http (~> 0.9.4)
      http-form_data (~> 1.0)
    domain_name (0.5.20160310)
      unf (>= 0.0.5, < 1.0.0)
    foreman (0.78.0)
      thor (~> 0.19.1)
    http (0.9.9)
      addressable (~> 2.3)
      http-cookie (~> 1.0)
      http-form_data (~> 1.0.1)
      http_parser.rb (~> 0.6.0)
    http-cookie (1.0.2)
      domain_name (~> 0.5)
    http-form_data (1.0.1)
    http_parser.rb (0.6.0)
    httparty (0.13.7)
      json (~> 1.8)
      multi_xml (>= 0.5.2)
    json (1.8.3)
    multi_xml (0.5.5)
    rack (1.6.4)
    rack-protection (1.5.3)
      rack
    sinatra (1.4.7)
      rack (~> 1.5)
      rack-protection (~> 1.4)
      tilt (>= 1.3, < 3)
    thor (0.19.1)
    tilt (2.0.2)
    unf (0.1.4)
      unf_ext
    unf_ext (0.0.7.2)

PLATFORMS
  ruby

DEPENDENCIES
  api-ai-ruby
  foreman
  httparty
  sinatra

RUBY VERSION
   ruby 2.3.0p0

BUNDLED WITH
   1.13.1
